PATH
  remote: ..
  specs:
    twirp (1.7.2)
      faraday (< 3)
      google-protobuf (~> 3.0, >= 3.7.0)

GEM
  remote: https://rubygems.org/
  specs:
    faraday (2.6.0)
      faraday-net_http (>= 2.0, < 3.1)
      ruby2_keywords (>= 0.0.4)
    faraday-net_http (3.0.1)
    google-protobuf (3.21.7)
    rack (2.2.3.1)
    ruby2_keywords (0.0.5)

PLATFORMS
  ruby

DEPENDENCIES
  rack
  twirp!

BUNDLED WITH
   1.17.3
