PATH
  remote: ..
  specs:
    twirp (1.7.0)
      faraday (< 2)
      google-protobuf (~> 3.0, >= 3.7.0)

GEM
  remote: https://rubygems.org/
  specs:
    faraday (1.1.0)
      multipart-post (>= 1.2, < 3)
      ruby2_keywords
    google-protobuf (3.13.0)
    multipart-post (2.1.1)
    rack (2.2.3)
    ruby2_keywords (0.0.2)

PLATFORMS
  ruby

DEPENDENCIES
  rack
  twirp!

BUNDLED WITH
   1.17.3
