PATH
  remote: ..
  specs:
    twirp (1.5.0)
      faraday (< 2)
      google-protobuf (~> 3.0, >= 3.0.0)

GEM
  remote: https://rubygems.org/
  specs:
    faraday (1.0.1)
      multipart-post (>= 1.2, < 3)
    google-protobuf (3.11.4)
    multipart-post (2.1.1)
    rack (2.0.8)

PLATFORMS
  ruby

DEPENDENCIES
  rack
  twirp!

BUNDLED WITH
   1.17.2
