PATH
  remote: .
  specs:
    twirp (1.1.0)
      faraday (~> 0)
      google-protobuf (~> 3.0, >= 3.0.0)

GEM
  remote: https://rubygems.org/
  specs:
    faraday (0.14.0)
      multipart-post (>= 1.2, < 3)
    google-protobuf (3.5.1.2-universal-darwin)
    minitest (5.11.3)
    multipart-post (2.0.0)
    rake (12.3.1)

PLATFORMS
  ruby

DEPENDENCIES
  bundler (~> 1)
  minitest (>= 5)
  rake
  twirp!

BUNDLED WITH
   1.14.6
