GEM
  remote: https://rubygems.org/
  specs:
    google-protobuf (3.5.1.2)
    rack (2.0.1)
    twirp (0.0.1)
      google-protobuf (>= 3.0.0)

PLATFORMS
  ruby

DEPENDENCIES
  rack
  twirp

BUNDLED WITH
   1.16.1
